GEM
  remote: http://rubygems.org/
  specs:
    jruby-jars (1.6.2)
    jruby-rack (1.0.9)
    nokogiri (1.4.4)
    rack (1.3.0)
    rake (0.8.7)
    rubyzip (0.9.4)
    sinatra (1.2.6)
      rack (~> 1.1)
      tilt (< 2.0, >= 1.2.2)
    tilt (1.3.2)
    warbler (1.3.1)
      jruby-jars (>= 1.4.0)
      jruby-rack (>= 1.0.0)
      rake (~> 0.8.7)
      rubyzip (>= 0.9.4)
    weakling (0.0.3)

PLATFORMS
  ruby

DEPENDENCIES
  nokogiri
  sinatra
  warbler
  weakling
